GEM
  remote: https://rubygems.org/
  specs:
    concurrent-ruby (1.1.10)
    faraday (2.2.0)
      faraday-net_http (~> 2.0)
      ruby2_keywords (>= 0.0.4)
    faraday-net_http (2.0.2)
    http_router (0.11.2)
      rack (>= 1.0.0)
      url_mount (~> 0.2.1)
    i18n (1.10.0)
      concurrent-ruby (~> 1.0)
    ice_nine (0.11.2)
    lita (4.8.0)
      bundler (>= 2.0)
      faraday (>= 1.0)
      http_router (>= 0.11)
      i18n (>= 1.8)
      ice_nine (>= 0.11)
      multi_json (>= 1.15)
      puma (>= 4.3)
      rack (>= 2.2)
      rb-readline (>= 0.5)
      redis-namespace (>= 1.7)
      thor (>= 1.0)
    lita-travis (1.0.1)
      lita (>= 4.0)
    multi_json (1.15.0)
    nio4r (2.5.8)
    puma (5.6.4)
      nio4r (~> 2.0)
    rack (2.2.3)
    rb-readline (0.5.5)
    redis (4.6.0)
    redis-namespace (1.8.2)
      redis (>= 3.0.4)
    ruby2_keywords (0.0.5)
    thor (1.2.1)
    url_mount (0.2.1)
      rack

PLATFORMS
  x86_64-darwin-20

DEPENDENCIES
  lita
  lita-travis

BUNDLED WITH
   2.3.12
